GIT
  remote: https://github.com/openaustralia/scraperwiki-ruby
  revision: fc50176812505e463077d5c673d504a6a234aa78
  branch: morph_defaults
  specs:
    scraperwiki (3.0.1)
      httpclient
      sqlite_magic

GEM
  remote: https://rubygems.org/
  specs:
    addressable (2.4.0)
    coderay (1.1.1)
    crack (0.4.3)
      safe_yaml (~> 1.0.0)
    git (1.3.0)
    hashdiff (0.3.0)
    httpclient (2.8.0)
    method_source (0.8.2)
    mini_portile2 (2.1.0)
    nokogiri (1.6.8)
      mini_portile2 (~> 2.1.0)
      pkg-config (~> 1.1.7)
    open-uri-cached (0.0.5)
    pkg-config (1.1.7)
    pry (0.10.4)
      coderay (~> 1.1.0)
      method_source (~> 0.8.1)
      slop (~> 3.4)
    safe_yaml (1.0.4)
    scraped_page_archive (0.3.1)
      git (~> 1.3.0)
      vcr-archive (~> 0.3.0)
    slop (3.6.0)
    sqlite3 (1.3.11)
    sqlite_magic (0.0.6)
      sqlite3
    vcr (3.0.3)
    vcr-archive (0.3.0)
      vcr (~> 3.0.2)
      webmock (~> 2.0.3)
    webmock (2.0.3)
      addressable (>= 2.3.6)
      crack (>= 0.3.2)
      hashdiff

PLATFORMS
  ruby

DEPENDENCIES
  nokogiri
  open-uri-cached
  pry
  scraped_page_archive
  scraperwiki!

RUBY VERSION
   ruby 2.0.0p648

BUNDLED WITH
   1.12.5
